PATH
  remote: .
  specs:
    kame-remocon (0.1.0)
      drb-websocket
      haml
      hyalite
      launchy
      opal-drb
      opal-haml
      rake
      sassc
      sinatra
      thin

GEM
  remote: https://rubygems.org/
  specs:
    addressable (2.6.0)
      public_suffix (>= 2.0.2, < 4.0)
    ast (2.4.0)
    concurrent-ruby (1.1.4)
    daemons (1.3.1)
    drb-websocket (0.5.1)
      faye-websocket
      rack
      thin
    eventmachine (1.2.7)
    faye-websocket (0.10.7)
      eventmachine (>= 0.12.0)
      websocket-driver (>= 0.5.1)
    ffi (1.9.25)
    haml (5.0.4)
      temple (>= 0.8.0)
      tilt
    hike (1.2.3)
    hyalite (0.2.8)
      opal
    launchy (2.4.3)
      addressable (~> 2.3)
    mustermann (1.0.3)
    opal (0.11.4)
      ast (>= 2.3.0)
      hike (~> 1.2)
      parser (= 2.3.3.1)
      sourcemap (~> 0.1.0)
    opal-drb (0.4.0)
      opal
    opal-haml (0.4.5)
      haml
      opal (~> 0.10, < 0.12)
      opal-sprockets (~> 0.4.1)
    opal-sprockets (0.4.2.0.11.0.3.1)
      opal (~> 0.11.0)
      sprockets (~> 3.1)
      tilt (>= 1.4)
    parser (2.3.3.1)
      ast (~> 2.2)
    public_suffix (3.0.3)
    rack (2.0.6)
    rack-protection (2.0.5)
      rack
    rake (10.5.0)
    sassc (2.0.0)
      ffi (~> 1.9.6)
      rake
    sinatra (2.0.5)
      mustermann (~> 1.0)
      rack (~> 2.0)
      rack-protection (= 2.0.5)
      tilt (~> 2.0)
    sourcemap (0.1.1)
    sprockets (3.7.2)
      concurrent-ruby (~> 1.0)
      rack (> 1, < 3)
    temple (0.8.0)
    thin (1.7.2)
      daemons (~> 1.0, >= 1.0.9)
      eventmachine (~> 1.0, >= 1.0.4)
      rack (>= 1, < 3)
    tilt (2.0.9)
    websocket-driver (0.7.0)
      websocket-extensions (>= 0.1.0)
    websocket-extensions (0.1.3)

PLATFORMS
  ruby

DEPENDENCIES
  bundler (~> 2.0)
  kame-remocon!
  rake (~> 10.0)

BUNDLED WITH
   2.0.1
